GIT
  remote: https://github.com/igas/faunadb-ruby.git
  revision: f09176e27edb4efbb2996a2c12197fb06b17d3ac
  branch: patch-1
  specs:
    fauna (3.0.1.pre.1)
      faraday (~> 1.0)
      json (~> 2.3)
      net-http-persistent (~> 2.9)

GEM
  remote: https://rubygems.org/
  specs:
    addressable (2.7.0)
      public_suffix (>= 2.0.2, < 5.0)
    cowsay (0.3.0)
    descendants_tracker (0.0.4)
      thread_safe (~> 0.3, >= 0.3.1)
    faraday (1.0.1)
      multipart-post (>= 1.2, < 3)
    github_api (0.19.0)
      addressable (~> 2.4)
      descendants_tracker (~> 0.0.4)
      faraday (>= 0.8, < 2)
      hashie (~> 3.5, >= 3.5.2)
      oauth2 (~> 1.0)
    hashie (3.6.0)
    json (2.3.1)
    jwt (2.2.2)
    mini_portile2 (2.4.0)
    multi_json (1.15.0)
    multi_xml (0.6.0)
    multipart-post (2.1.1)
    net-http-persistent (2.9.4)
    nokogiri (1.10.10)
      mini_portile2 (~> 2.4.0)
    oauth2 (1.4.4)
      faraday (>= 0.8, < 2.0)
      jwt (>= 1.0, < 3.0)
      multi_json (~> 1.3)
      multi_xml (~> 0.5)
      rack (>= 1.2, < 3)
    public_suffix (4.0.5)
    rack (2.2.3)
    thread_safe (0.3.6)

PLATFORMS
  ruby

DEPENDENCIES
  cowsay
  fauna!
  github_api
  nokogiri

BUNDLED WITH
   2.1.2
